GEM
  remote: https://rubygems.org/
  specs:
    nokogiri (1.8.0)

PLATFORMS
  ruby

DEPENDENCIES
  nokogiri!

BUNDLED WITH
   1.15.1
